GEM
  remote: https://rubygems.org/
  specs:
    ai4r (1.12)
    ruby-fann (1.2.6)

PLATFORMS
  ruby

DEPENDENCIES
  ai4r
  ruby-fann
